PATH
  remote: .
  specs:
    RuneScapeItemCount (0.1.0)

GEM
  remote: https://rubygems.org/
  specs:
    minitest (5.11.3)
    rake (10.4.2)

PLATFORMS
  x86-mingw32

DEPENDENCIES
  RuneScapeItemCount!
  bundler (~> 1.16)
  minitest (~> 5.0)
  rake (~> 10.0)

BUNDLED WITH
   1.16.2
